GEM
  remote: https://rubygems.org/
  specs:
    byebug (9.0.6)
    coderay (1.1.1)
    coercible (1.0.0)
      descendants_tracker (~> 0.0.1)
    descendants_tracker (0.0.4)
      thread_safe (~> 0.3, >= 0.3.1)
    dotenv (2.1.1)
    envied (0.8.1)
      coercible (~> 1.0)
      rack (~> 1.4)
      thor (~> 0.15)
    faraday (0.10.1)
      multipart-post (>= 1.2, < 3)
    http_router (0.11.2)
      rack (>= 1.0.0)
      url_mount (~> 0.2.1)
    i18n (0.7.0)
    ice_nine (0.11.2)
    lita (4.7.1)
      bundler (>= 1.3)
      faraday (>= 0.8.7)
      http_router (>= 0.11.2)
      i18n (>= 0.6.9)
      ice_nine (>= 0.11.0)
      multi_json (>= 1.7.7)
      puma (>= 2.7.1)
      rack (>= 1.5.2, < 2.0.0)
      rb-readline (>= 0.5.1)
      redis-namespace (>= 1.3.0)
      thor (>= 0.18.1)
    lita-abuse (0.2.0)
      lita (>= 4.6)
    lita-compliment (0.2.0)
      lita (>= 4.6)
    lita-dotenv (0.9.0)
      dotenv (~> 2.0)
      lita (>= 4.4)
    lita-hipchat (3.0.2)
      lita (>= 4.4.3)
      xmpp4r (>= 0.5.6)
    lita-schedule (0.0.4)
      lita (>= 2.2)
      rufus-scheduler (~> 2.0.23)
    method_source (0.8.2)
    multi_json (1.12.1)
    multipart-post (2.0.0)
    pry (0.10.4)
      coderay (~> 1.1.0)
      method_source (~> 0.8.1)
      slop (~> 3.4)
    pry-byebug (3.4.2)
      byebug (~> 9.0)
      pry (~> 0.10)
    puma (3.6.2)
    rack (1.6.5)
    rb-readline (0.5.3)
    redis (3.3.2)
    redis-namespace (1.5.2)
      redis (~> 3.0, >= 3.0.4)
    rufus-scheduler (2.0.24)
      tzinfo (>= 0.3.22)
    slop (3.6.0)
    thor (0.19.4)
    thread_safe (0.3.5)
    tzinfo (1.2.2)
      thread_safe (~> 0.1)
    url_mount (0.2.1)
      rack
    xmpp4r (0.5.6)

PLATFORMS
  ruby

DEPENDENCIES
  envied
  lita
  lita-abuse
  lita-compliment
  lita-dotenv
  lita-hipchat
  lita-schedule
  pry-byebug

BUNDLED WITH
   1.13.7
